GEM
  remote: http://rubygems.org/
  specs:
    abstract (1.0.0)
    addressable (2.3.4)
    git (1.2.5)
    hash-utils (2.1.1)
      ruby-version (>= 0.4.0)
    jeweler (1.8.4)
      bundler (~> 1.0)
      git (>= 1.2.5)
      rake
      rdoc
    json (1.7.7)
    json-rpc-objects-json (0.1.1)
      multi_json
    multi_json (1.7.2)
    rake (10.0.4)
    rdoc (4.0.1)
      json (~> 1.4)
    ruby-version (0.4.3)

PLATFORMS
  ruby

DEPENDENCIES
  abstract (>= 1.0.0)
  addressable (>= 2.2.2)
  bundler (>= 1.0.0)
  hash-utils (>= 0.18.0)
  jeweler (>= 1.5.2)
  json-rpc-objects-json (>= 0.1.1)
