GEM
  remote: http://rubygems.org/
  specs:
    addressable (2.2.2)
    git (1.2.5)
    hash-utils (0.3.0)
    jeweler (1.5.2)
      bundler (~> 1.0.0)
      git (>= 1.2.5)
      rake
    multitype-introspection (0.1.0)
    rake (0.8.7)
    types (0.1.0)
      multitype-introspection (>= 0.1.0)
    version (0.9.2)
    yajl-ruby (0.7.8)

PLATFORMS
  ruby

DEPENDENCIES
  addressable (>= 2.2.2)
  bundler (~> 1.0.0)
  hash-utils (>= 0.3.0)
  jeweler (~> 1.5.2)
  multitype-introspection (>= 0.1.0)
  types (>= 0.1.0)
  version (>= 0.9.2)
  yajl-ruby (>= 0.7.8)
